PATH
  remote: .
  specs:
    apispec (0.0.3)
      RedCloth
      coderay

GEM
  remote: https://rubygems.org/
  specs:
    RedCloth (4.2.9-java)
    coderay (1.0.9)
    diff-lcs (1.2.2)
    rspec (2.13.0)
      rspec-core (~> 2.13.0)
      rspec-expectations (~> 2.13.0)
      rspec-mocks (~> 2.13.0)
    rspec-core (2.13.1)
    rspec-expectations (2.13.0)
      diff-lcs (>= 1.1.3, < 2.0)
    rspec-mocks (2.13.1)

PLATFORMS
  java

DEPENDENCIES
  apispec!
  rspec
